GEM
  remote: https://rubygems.org/
  specs:
    activesupport (6.0.3.3)
      concurrent-ruby (~> 1.0, >= 1.0.2)
      i18n (>= 0.7, < 2)
      minitest (~> 5.1)
      tzinfo (~> 1.1)
      zeitwerk (~> 2.2, >= 2.2.2)
    addressable (2.8.0)
      public_suffix (>= 2.0.2, < 5.0)
    ast (2.4.1)
    coderay (1.1.3)
    colorator (1.1.0)
    concurrent-ruby (1.1.7)
    daemons (1.3.1)
    em-websocket (0.5.1)
      eventmachine (>= 0.12.9)
      http_parser.rb (~> 0.6.0)
    eventmachine (1.2.7)
    eventmachine (1.2.7-x64-mingw32)
    eventmachine (1.2.7-x86-mingw32)
    faraday (1.0.1)
      multipart-post (>= 1.2, < 3)
    ffi (1.13.1)
    ffi (1.13.1-x64-mingw32)
    ffi (1.13.1-x86-mingw32)
    formatador (0.2.5)
    forwardable-extended (2.6.0)
    gemoji (3.0.1)
    guard (2.16.2)
      formatador (>= 0.2.4)
      listen (>= 2.7, < 4.0)
      lumberjack (>= 1.0.12, < 2.0)
      nenv (~> 0.1)
      notiffany (~> 0.0)
      pry (>= 0.9.12)
      shellany (~> 0.0)
      thor (>= 0.18.1)
    guard-compat (1.2.1)
    guard-jekyll-plus (2.0.2)
      guard (~> 2.10, >= 2.10.3)
      guard-compat (~> 1.1)
      jekyll (>= 1.0.0)
    guard-livereload (2.5.2)
      em-websocket (~> 0.5)
      guard (~> 2.8)
      guard-compat (~> 1.0)
      multi_json (~> 1.8)
    html-pipeline (2.14.0)
      activesupport (>= 2)
      nokogiri (>= 1.4)
    http_parser.rb (0.6.0)
    i18n (1.8.5)
      concurrent-ruby (~> 1.0)
    jekyll (4.0.1)
      addressable (~> 2.4)
      colorator (~> 1.0)
      em-websocket (~> 0.5)
      i18n (>= 0.9.5, < 2)
      jekyll-sass-converter (~> 2.0)
      jekyll-watch (~> 2.0)
      kramdown (~> 2.1)
      kramdown-parser-gfm (~> 1.0)
      liquid (~> 4.0)
      mercenary (~> 0.3.3)
      pathutil (~> 0.9)
      rouge (~> 3.0)
      safe_yaml (~> 1.0)
      terminal-table (~> 1.8)
    jekyll-feed (0.15.0)
      jekyll (>= 3.7, < 5.0)
    jekyll-gist (1.5.0)
      octokit (~> 4.2)
    jekyll-paginate (1.1.0)
    jekyll-sass-converter (2.1.0)
      sassc (> 2.0.1, < 3.0)
    jekyll-sitemap (1.4.0)
      jekyll (>= 3.7, < 5.0)
    jekyll-watch (2.2.1)
      listen (~> 3.0)
    jemoji (0.12.0)
      gemoji (~> 3.0)
      html-pipeline (~> 2.2)
      jekyll (>= 3.0, < 5.0)
    kramdown (2.3.0)
      rexml
    kramdown-parser-gfm (1.1.0)
      kramdown (~> 2.0)
    liquid (4.0.3)
    listen (3.2.1)
      rb-fsevent (~> 0.10, >= 0.10.3)
      rb-inotify (~> 0.9, >= 0.9.10)
    lumberjack (1.2.8)
    mercenary (0.3.6)
    method_source (1.0.0)
    mini_portile2 (2.5.0)
    minitest (5.14.2)
    multi_json (1.15.0)
    multipart-post (2.1.1)
    nenv (0.3.0)
    nokogiri (1.11.1)
      mini_portile2 (~> 2.5.0)
      racc (~> 1.4)
    nokogiri (1.11.1-x64-mingw32)
      racc (~> 1.4)
    nokogiri (1.11.1-x86-mingw32)
      racc (~> 1.4)
    notiffany (0.1.3)
      nenv (~> 0.1)
      shellany (~> 0.0)
    octokit (4.18.0)
      faraday (>= 0.9)
      sawyer (~> 0.8.0, >= 0.5.3)
    octopress (3.0.11)
      jekyll (>= 2.0)
      mercenary (~> 0.3.2)
      octopress-deploy
      octopress-escape-code (~> 2.0)
      octopress-hooks (~> 2.0)
      redcarpet (~> 3.0)
      titlecase
    octopress-deploy (1.3.0)
      colorator
    octopress-escape-code (2.0.6)
      octopress-hooks (~> 2.0)
    octopress-hooks (2.6.2)
      jekyll (>= 2.0)
    parallel (1.19.2)
    parser (2.7.1.4)
      ast (~> 2.4.1)
    pathutil (0.16.2)
      forwardable-extended (~> 2.6)
    pry (0.13.1)
      coderay (~> 1.1)
      method_source (~> 1.0)
    public_suffix (4.0.6)
    racc (1.5.2)
    rack (2.2.3)
    rack-livereload (0.3.17)
      rack
    rainbow (3.0.0)
    rb-fsevent (0.10.4)
    rb-inotify (0.10.1)
      ffi (~> 1.0)
    redcarpet (3.5.1)
    regexp_parser (1.7.1)
    rexml (3.2.4)
    rouge (3.23.0)
    rubocop (0.90.0)
      parallel (~> 1.10)
      parser (>= 2.7.1.1)
      rainbow (>= 2.2.2, < 4.0)
      regexp_parser (>= 1.7)
      rexml
      rubocop-ast (>= 0.3.0, < 1.0)
      ruby-progressbar (~> 1.7)
      unicode-display_width (>= 1.4.0, < 2.0)
    rubocop-ast (0.4.0)
      parser (>= 2.7.1.4)
    ruby-progressbar (1.10.1)
    safe_yaml (1.0.5)
    sass (3.7.4)
      sass-listen (~> 4.0.0)
    sass-listen (4.0.0)
      rb-fsevent (~> 0.9, >= 0.9.4)
      rb-inotify (~> 0.9, >= 0.9.7)
    sassc (2.4.0)
      ffi (~> 1.9)
    sassc (2.4.0-x64-mingw32)
      ffi (~> 1.9)
    sawyer (0.8.2)
      addressable (>= 2.3.5)
      faraday (> 0.8, < 2.0)
    shellany (0.0.1)
    terminal-table (1.8.0)
      unicode-display_width (~> 1.1, >= 1.1.1)
    thin (1.8.0)
      daemons (~> 1.0, >= 1.0.9)
      eventmachine (~> 1.0, >= 1.0.4)
      rack (>= 1, < 3)
    thor (1.0.1)
    thread_safe (0.3.6)
    titlecase (0.1.1)
    tzinfo (1.2.7)
      thread_safe (~> 0.1)
    unicode-display_width (1.7.0)
    zeitwerk (2.4.0)

PLATFORMS
  ruby
  x64-mingw32
  x86-mingw32

DEPENDENCIES
  guard
  guard-jekyll-plus
  guard-livereload
  jekyll (~> 4.0.1)
  jekyll-feed
  jekyll-gist
  jekyll-paginate
  jekyll-sitemap
  jemoji
  octopress
  rack-livereload
  rouge
  rubocop
  sass
  thin

BUNDLED WITH
   2.1.4
